GEM
  remote: https://rubygems.org/
  specs:
    bigdecimal (3.1.8)
    csv (3.3.0)
    excon (0.110.0)
    httparty (0.22.0)
      csv
      mini_mime (>= 1.0.0)
      multi_xml (>= 0.5.2)
    log4r (1.1.10)
    mini_mime (1.1.5)
    multi_xml (0.7.1)
      bigdecimal (~> 3.1)
    rexml (3.2.9)
      strscan
    strscan (3.1.0)
    vagrant_cloud (3.1.1)
      excon (~> 0.73)
      log4r (~> 1.1.10)
      rexml (~> 3.2.5)

PLATFORMS
  ruby
  x86_64-darwin-21

DEPENDENCIES
  bundler
  httparty
  vagrant_cloud

BUNDLED WITH
   2.5.13
